GEM
  remote: http://rubygems.org/
  specs:
    SystemTimer (1.2.2)
    rack (1.2.1)
    redis (2.1.1)
    sinatra (1.1.3)
      rack (~> 1.1)
      tilt (>= 1.2.2, < 2.0)
    tilt (1.2.2)
    vegas (0.1.8)
      rack (>= 1.0.0)

PLATFORMS
  ruby

DEPENDENCIES
  SystemTimer
  redis
  sinatra
  vegas
